GEM
  remote: https://rubygems.org/
  specs:
    coderay (1.0.8)
    columnize (0.3.6)
    debugger (1.2.2)
      columnize (>= 0.3.1)
      debugger-linecache (~> 1.1.1)
      debugger-ruby_core_source (~> 1.1.5)
    debugger-linecache (1.1.2)
      debugger-ruby_core_source (>= 1.1.1)
    debugger-ruby_core_source (1.1.5)
    ffi (1.1.5)
    guard (1.5.4)
      listen (>= 0.4.2)
      lumberjack (>= 1.0.2)
      pry (>= 0.9.10)
      thor (>= 0.14.6)
    guard-rake (0.0.7)
      guard
      rake
    guard-test (0.7.0)
      guard (>= 1.1)
      test-unit (~> 2.2)
    listen (0.5.3)
    lumberjack (1.0.2)
    metaclass (0.0.1)
    method_source (0.8.1)
    mocha (0.13.0)
      metaclass (~> 0.0.1)
    pry (0.9.10)
      coderay (~> 1.0.5)
      method_source (~> 0.8)
      slop (~> 3.3.1)
    rake (10.0.1)
    rake-compiler (0.8.1)
      rake
    rb-fchange (0.0.6)
      ffi
    rb-fsevent (0.9.2)
    rb-inotify (0.8.8)
      ffi (>= 0.5.0)
    ruby-prof (0.11.2)
    slop (3.3.3)
    terminal-notifier-guard (1.5.3)
    test-unit (2.5.2)
    thor (0.16.0)

PLATFORMS
  ruby

DEPENDENCIES
  bundler
  debugger
  guard
  guard-rake
  guard-test
  mocha
  rake-compiler
  rb-fchange
  rb-fsevent
  rb-inotify
  ruby-prof
  terminal-notifier-guard
